PATH
  remote: .
  specs:
    fantasy (0.1.20)
      gosu (~> 1.4.1)
      vector2d (~> 2.2.3)

GEM
  remote: https://rubygems.org/
  specs:
    ast (2.4.2)
    gosu (1.4.6)
    json (2.7.2)
    language_server-protocol (3.17.0.3)
    minitest (5.24.1)
    mocha (2.4.0)
      ruby2_keywords (>= 0.0.5)
    parallel (1.25.1)
    parser (3.3.3.0)
      ast (~> 2.4.1)
      racc
    racc (1.8.0)
    rainbow (3.1.1)
    rake (13.2.1)
    regexp_parser (2.9.2)
    rexml (3.3.1)
      strscan
    rubocop (1.64.1)
      json (~> 2.3)
      language_server-protocol (>= 3.17.0)
      parallel (~> 1.10)
      parser (>= 3.3.0.2)
      rainbow (>= 2.2.2, < 4.0)
      regexp_parser (>= 1.8, < 3.0)
      rexml (>= 3.2.5, < 4.0)
      rubocop-ast (>= 1.31.1, < 2.0)
      ruby-progressbar (~> 1.7)
      unicode-display_width (>= 2.4.0, < 3.0)
    rubocop-ast (1.31.3)
      parser (>= 3.3.1.0)
    ruby-progressbar (1.13.0)
    ruby2_keywords (0.0.5)
    strscan (3.1.0)
    unicode-display_width (2.5.0)
    vector2d (2.2.4)
    yard (0.9.36)

PLATFORMS
  x86_64-darwin-19
  x86_64-darwin-22

DEPENDENCIES
  fantasy!
  minitest (~> 5.0)
  mocha
  rake (~> 13.0)
  rubocop (~> 1.21)
  yard

RUBY VERSION
   ruby 3.0.2p107

BUNDLED WITH
   2.5.14
