PATH
  remote: .
  specs:
    fantasy (0.1.20)
      gosu (~> 1.4.1)
      vector2d (~> 2.2.3)

GEM
  remote: https://rubygems.org/
  specs:
    ast (2.4.2)
    gosu (1.4.6)
    minitest (5.15.0)
    mocha (2.2.0)
      ruby2_keywords (>= 0.0.5)
    parallel (1.22.1)
    parser (3.1.1.0)
      ast (~> 2.4.1)
    rainbow (3.1.1)
    rake (13.0.6)
    regexp_parser (2.2.1)
    rexml (3.2.5)
    rubocop (1.26.1)
      parallel (~> 1.10)
      parser (>= 3.1.0.0)
      rainbow (>= 2.2.2, < 4.0)
      regexp_parser (>= 1.8, < 3.0)
      rexml
      rubocop-ast (>= 1.16.0, < 2.0)
      ruby-progressbar (~> 1.7)
      unicode-display_width (>= 1.4.0, < 3.0)
    rubocop-ast (1.16.0)
      parser (>= 3.1.1.0)
    ruby-progressbar (1.11.0)
    ruby2_keywords (0.0.5)
    unicode-display_width (2.1.0)
    vector2d (2.2.4)
    webrick (1.7.0)
    yard (0.9.27)
      webrick (~> 1.7.0)

PLATFORMS
  x86_64-darwin-19

DEPENDENCIES
  fantasy!
  minitest (~> 5.0)
  mocha
  rake (~> 13.0)
  rubocop (~> 1.21)
  yard

RUBY VERSION
   ruby 3.0.2p107

BUNDLED WITH
   2.2.32
